GEM
  remote: http://rubygems.org/
  specs:
    addressable (2.4.0)
    colorator (0.1)
    contentful (0.8.0)
      http (~> 0.8)
      multi_json (~> 1)
    contentful-management (0.7.3)
      http (~> 0.8)
      multi_json (~> 1)
    contentful_bootstrap (3.0.0)
      contentful (~> 0.7)
      contentful-management
      inifile
      launchy
    domain_name (0.5.25)
      unf (>= 0.0.5, < 1.0.0)
    ffi (1.9.10)
    http (0.9.8)
      addressable (~> 2.3)
      http-cookie (~> 1.0)
      http-form_data (~> 1.0.1)
      http_parser.rb (~> 0.6.0)
    http-cookie (1.0.2)
      domain_name (~> 0.5)
    http-form_data (1.0.1)
    http_parser.rb (0.6.0)
    inifile (3.0.0)
    jekyll (3.0.1)
      colorator (~> 0.1)
      jekyll-sass-converter (~> 1.0)
      jekyll-watch (~> 1.1)
      kramdown (~> 1.3)
      liquid (~> 3.0)
      mercenary (~> 0.3.3)
      rouge (~> 1.7)
      safe_yaml (~> 1.0)
    jekyll-contentful-data-import (1.0.1)
      contentful (~> 0.8)
      jekyll (>= 2.5.0, < 4)
    jekyll-sass-converter (1.3.0)
      sass (~> 3.2)
    jekyll-watch (1.3.0)
      listen (~> 3.0)
    kramdown (1.9.0)
    launchy (2.4.3)
      addressable (~> 2.3)
    liquid (3.0.6)
    listen (3.0.5)
      rb-fsevent (>= 0.9.3)
      rb-inotify (>= 0.9)
    mercenary (0.3.5)
    multi_json (1.11.2)
    rb-fsevent (0.9.6)
    rb-inotify (0.9.5)
      ffi (>= 0.5.0)
    rouge (1.10.1)
    safe_yaml (1.0.4)
    sass (3.4.20)
    unf (0.1.4)
      unf_ext
    unf_ext (0.0.7.1)

PLATFORMS
  ruby

DEPENDENCIES
  contentful_bootstrap
  jekyll (~> 3.0)
  jekyll-contentful-data-import

BUNDLED WITH
   1.10.6
