GEM
  remote: http://rubygems.org/
  specs:
    addressable (2.4.0)
    colorator (1.1.0)
    contentful (0.8.0)
      http (~> 0.8)
      multi_json (~> 1)
    contentful-management (0.7.3)
      http (~> 0.8)
      multi_json (~> 1)
    contentful_bootstrap (3.0.0)
      contentful (~> 0.7)
      contentful-management
      inifile
      launchy
    domain_name (0.5.25)
      unf (>= 0.0.5, < 1.0.0)
    ffi (1.11.1)
    forwardable-extended (2.6.0)
    http (0.9.8)
      addressable (~> 2.3)
      http-cookie (~> 1.0)
      http-form_data (~> 1.0.1)
      http_parser.rb (~> 0.6.0)
    http-cookie (1.0.2)
      domain_name (~> 0.5)
    http-form_data (1.0.1)
    http_parser.rb (0.6.0)
    inifile (3.0.0)
    jekyll (3.6.3)
      addressable (~> 2.4)
      colorator (~> 1.0)
      jekyll-sass-converter (~> 1.0)
      jekyll-watch (~> 1.1)
      kramdown (~> 1.14)
      liquid (~> 4.0)
      mercenary (~> 0.3.3)
      pathutil (~> 0.9)
      rouge (>= 1.7, < 3)
      safe_yaml (~> 1.0)
    jekyll-contentful-data-import (1.0.1)
      contentful (~> 0.8)
      jekyll (>= 2.5.0, < 4)
    jekyll-sass-converter (1.5.2)
      sass (~> 3.4)
    jekyll-watch (1.5.1)
      listen (~> 3.0)
    kramdown (1.17.0)
    launchy (2.4.3)
      addressable (~> 2.3)
    liquid (4.0.3)
    listen (3.2.0)
      rb-fsevent (~> 0.10, >= 0.10.3)
      rb-inotify (~> 0.9, >= 0.9.10)
    mercenary (0.3.6)
    multi_json (1.11.2)
    pathutil (0.16.2)
      forwardable-extended (~> 2.6)
    rb-fsevent (0.10.3)
    rb-inotify (0.10.0)
      ffi (~> 1.0)
    rouge (2.2.1)
    safe_yaml (1.0.5)
    sass (3.7.4)
      sass-listen (~> 4.0.0)
    sass-listen (4.0.0)
      rb-fsevent (~> 0.9, >= 0.9.4)
      rb-inotify (~> 0.9, >= 0.9.7)
    unf (0.1.4)
      unf_ext
    unf_ext (0.0.7.1)

PLATFORMS
  ruby

DEPENDENCIES
  contentful_bootstrap
  jekyll (~> 3.6)
  jekyll-contentful-data-import

BUNDLED WITH
   1.10.6
